GEM
  remote: https://rubygems.org/
  specs:
    colorize (1.1.0)

PLATFORMS
  arm64-darwin-23
  ruby

DEPENDENCIES
  colorize

BUNDLED WITH
   2.6.5
